PATH
  remote: .
  specs:
    thirtythirty (0.0.7)

GEM
  remote: http://rubygems.org/
  specs:
    builder (3.0.0)
    ci_reporter (1.6.4)
      builder (>= 2.1.2)
    diff-lcs (1.1.2)
    rake (0.8.7)
    rspec (2.4.0)
      rspec-core (~> 2.4.0)
      rspec-expectations (~> 2.4.0)
      rspec-mocks (~> 2.4.0)
    rspec-core (2.4.0)
    rspec-expectations (2.4.0)
      diff-lcs (~> 1.1.2)
    rspec-mocks (2.4.0)

PLATFORMS
  java
  ruby

DEPENDENCIES
  ci_reporter (~> 1.6.3)
  rake (= 0.8.7)
  rspec (~> 2.4.0)
  thirtythirty!
